PATH
  remote: ../rulers
  specs:
    rulers (0.0.2)
      rack

GEM
  remote: http://rubygems.org/
  specs:
    rack (1.5.2)
    serveall (0.0.1)
      rack

PLATFORMS
  ruby

DEPENDENCIES
  rulers!
  serveall
